GEM
  remote: https://rubygems.org/
  specs:
    addressable (2.4.0)
    airbrussh (1.4.0)
      sshkit (>= 1.6.1, != 1.7.0)
    backports (3.15.0)
    capistrano (3.11.2)
      airbrussh (>= 1.0.0)
      i18n
      rake (>= 10.0.0)
      sshkit (>= 1.9.0)
    capistrano-one_time_key (0.1.0)
      capistrano (~> 3.0)
    concurrent-ruby (1.1.5)
    ethon (0.12.0)
      ffi (>= 1.3.0)
    faraday (0.17.0)
      multipart-post (>= 1.2, < 3)
    faraday_middleware (0.13.1)
      faraday (>= 0.7.4, < 1.0)
    ffi (1.11.1)
    gh (0.15.1)
      addressable (~> 2.4.0)
      backports
      faraday (~> 0.8)
      multi_json (~> 1.0)
      net-http-persistent (~> 2.9)
      net-http-pipeline
    highline (1.7.10)
    i18n (1.7.0)
      concurrent-ruby (~> 1.0)
    json (2.2.0)
    launchy (2.4.3)
      addressable (~> 2.3)
    multi_json (1.14.1)
    multipart-post (2.1.1)
    net-http-persistent (2.9.4)
    net-http-pipeline (1.0.1)
    net-scp (2.0.0)
      net-ssh (>= 2.6.5, < 6.0.0)
    net-ssh (5.2.0)
    pusher-client (0.6.2)
      json
      websocket (~> 1.0)
    rake (13.0.0)
    sshkit (1.20.0)
      net-scp (>= 1.1.2)
      net-ssh (>= 2.8.0)
    travis (1.8.10)
      backports
      faraday (~> 0.9)
      faraday_middleware (~> 0.9, >= 0.9.1)
      gh (~> 0.13)
      highline (~> 1.6)
      launchy (~> 2.1)
      pusher-client (~> 0.4)
      typhoeus (~> 0.6, >= 0.6.8)
    typhoeus (0.8.0)
      ethon (>= 0.8.0)
    websocket (1.2.8)

PLATFORMS
  ruby

DEPENDENCIES
  capistrano
  capistrano-one_time_key
  travis

BUNDLED WITH
   1.17.3
